GEM
  remote: http://rubygems.org/
  specs:
    activesupport (3.0.3)
    crack (0.1.8)
    httparty (0.6.1)
      crack (= 0.1.8)
    i18n (0.4.2)
    json (1.4.6)
    rack (1.2.1)
    sinatra (1.1.0)
      rack (~> 1.1)
      tilt (~> 1.1)
    tilt (1.1)

PLATFORMS
  ruby

DEPENDENCIES
  activesupport
  httparty
  i18n
  json
  sinatra
